GEM
  remote: https://rubygems.org/
  specs:
    clipboard (1.3.6)

PLATFORMS
  x64-mingw-ucrt

DEPENDENCIES
  clipboard (~> 1.3)

BUNDLED WITH
   2.4.10
